GIT
  remote: git@github.com:bskaplou/waffle.git
  revision: b824ac1ac6569c5013a902a6056989351086b3f8
  specs:
    waffle (0.3.5)
      bunny
      yajl-ruby

PATH
  remote: .
  specs:
    event_chopper (0.0.2)
      configuratron
      daemons
      mongo
      riak-client
      sinatra
      thin
      tokyotyrant
      waffle
      yajl-ruby

GEM
  remote: http://rubygems.org/
  specs:
    beefcake (0.3.7)
    bson (1.5.2)
    bson_ext (1.5.2)
      bson (= 1.5.2)
    builder (3.0.0)
    bunny (0.7.9)
    configuratron (0.0.1)
    daemons (1.1.8)
    erb-yaml (1.0.1)
      hash-keys (>= 1.0.0, < 2.0.0)
    eventmachine (0.12.10)
    hash-keys (1.0.1)
    i18n (0.6.0)
    mongo (1.5.2)
      bson (= 1.5.2)
    multi_json (1.0.4)
    rack (1.4.1)
    rack-protection (1.2.0)
      rack
    riak-client (1.0.0)
      beefcake (~> 0.3.7)
      builder (>= 2.1.2)
      i18n (>= 0.4.0)
      multi_json (~> 1.0.0)
    sinatra (1.3.2)
      rack (~> 1.3, >= 1.3.6)
      rack-protection (~> 1.2)
      tilt (~> 1.3, >= 1.3.3)
    thin (1.3.1)
      daemons (>= 1.0.9)
      eventmachine (>= 0.12.6)
      rack (>= 1.0.0)
    tilt (1.3.3)
    tokyotyrant (1.13)
    yajl-ruby (1.1.0)

PLATFORMS
  ruby

DEPENDENCIES
  bson_ext
  daemons
  erb-yaml
  event_chopper!
  mongo
  riak-client
  sinatra
  thin
  tokyotyrant
  waffle!
